GEM
  remote: https://rubygems.org/
  specs:
    bunto (1.0.0)
      bunto-sass-converter (~> 2.0)
      bunto-watch (~> 1.0)
      colorator (~> 0.1)
      kramdown (~> 1.3)
      liquid (~> 3.0)
      mercenary (~> 0.3.3)
      rouge (~> 1.7)
      safe_yaml (~> 1.0)
    bunto-sass-converter (2.0.0)
      sass (~> 3.4)
    bunto-watch (1.0.0)
      listen (~> 3.0)
      wdm (~> 0.1.0)
    colorator (0.1)
    ffi (1.9.10-x64-mingw32)
    kramdown (1.10.0)
    liquid (3.0.6)
    listen (3.0.6)
      rb-fsevent (>= 0.9.3)
      rb-inotify (>= 0.9.7)
    mercenary (0.3.6)
    puma (3.4.0)
    rack (1.6.4)
    rack-bunto (2.0.0)
      bunto (>= 1.0)
      listen (>= 1.3)
      rack (>= 1.6.2)
    rake (11.1.2)
    rb-fsevent (0.9.7)
    rb-inotify (0.9.7)
      ffi (>= 0.5.0)
    rouge (1.10.1)
    safe_yaml (1.0.4)
    sass (3.4.22)
    wdm (0.1.1)

PLATFORMS
  x64-mingw32

DEPENDENCIES
  bunto (>= 1.0)
  kramdown
  puma
  rack-bunto
  rake

BUNDLED WITH
   1.11.2
